PATH
  remote: .
  specs:
    yard-cucumber (4.0.0)
      cucumber (>= 2.0, < 4.0)
      gherkin (>= 4.0, < 6.0)
      yard (~> 0.8, >= 0.8.1)

GEM
  remote: https://rubygems.org/
  specs:
    builder (3.2.3)
    cucumber (2.2.0)
      builder (>= 2.1.2)
      cucumber-core (~> 1.3.0)
      cucumber-wire (~> 0.0.1)
      diff-lcs (>= 1.1.3)
      event-bus (~> 0.1.0)
      gherkin3 (~> 3.1.0)
      multi_json (>= 1.7.5, < 2.0)
      multi_test (>= 0.1.2)
    cucumber-core (1.3.1)
      gherkin3 (~> 3.1.0)
    cucumber-wire (0.0.1)
    diff-lcs (1.3)
    event-bus (0.1.0)
    gherkin (5.0.0)
    gherkin3 (3.1.2)
    multi_json (1.13.1)
    multi_test (0.1.2)
    rake (10.5.0)
    redcarpet (3.4.0)
    yard (0.9.12)

PLATFORMS
  ruby

DEPENDENCIES
  gherkin (>= 4.0, < 6.0)
  rake (~> 10)
  redcarpet
  yard-cucumber!

BUNDLED WITH
   1.16.1
